GIT
  remote: git://github.com/ctran/annotate_models.git
  revision: a709a87dc08c5c3cee31ece0e698c4cbea400b31
  specs:
    annotate (2.4.1.beta1)

GEM
  remote: http://rubygems.org/
  specs:
    actionmailer (3.1.3)
      actionpack (= 3.1.3)
      mail (~> 2.3.0)
    actionpack (3.1.3)
      activemodel (= 3.1.3)
      activesupport (= 3.1.3)
      builder (~> 3.0.0)
      erubis (~> 2.7.0)
      i18n (~> 0.6)
      rack (~> 1.3.5)
      rack-cache (~> 1.1)
      rack-mount (~> 0.8.2)
      rack-test (~> 0.6.1)
      sprockets (~> 2.0.3)
    activemodel (3.1.3)
      activesupport (= 3.1.3)
      builder (~> 3.0.0)
      i18n (~> 0.6)
    activerecord (3.1.3)
      activemodel (= 3.1.3)
      activesupport (= 3.1.3)
      arel (~> 2.2.1)
      tzinfo (~> 0.3.29)
    activeresource (3.1.3)
      activemodel (= 3.1.3)
      activesupport (= 3.1.3)
    activesupport (3.1.3)
      multi_json (~> 1.0)
    acts-as-taggable-on (2.1.1)
      rails
    addressable (2.2.6)
    apotomo (1.2.1)
      cells (>= 3.6.7)
      hooks (~> 0.2.0)
      onfire (~> 0.2.0)
    arel (2.2.1)
    autotest-standalone (4.5.8)
    best_in_place (1.0.2)
      jquery-rails
      rails (~> 3.1.0)
    builder (3.0.0)
    capybara (1.1.2)
      mime-types (>= 1.16)
      nokogiri (>= 1.3.3)
      rack (>= 1.0.0)
      rack-test (>= 0.5.4)
      selenium-webdriver (~> 2.0)
      xpath (~> 0.1.4)
    cells (3.7.0)
      actionpack (~> 3.0)
      railties (~> 3.0)
    childprocess (0.2.3)
      ffi (~> 1.0.6)
    client_side_validations (3.1.3)
    coderay (0.9.8)
    colored (1.2)
    cucumber (1.1.4)
      builder (>= 2.1.2)
      diff-lcs (>= 1.1.2)
      gherkin (~> 2.7.1)
      json (>= 1.4.6)
      term-ansicolor (>= 1.0.6)
    cucumber-rails (1.2.0)
      capybara (>= 1.1.1)
      cucumber (>= 1.1.1)
      nokogiri (>= 1.5.0)
    cucumber_scaffold (0.1.5)
    database_cleaner (0.7.0)
    diff-lcs (1.1.3)
    dynamic_form (1.1.4)
    erubis (2.7.0)
    execjs (1.2.9)
      multi_json (~> 1.0)
    factory_girl (2.3.1)
      activesupport
    factory_girl_rails (1.4.0)
      factory_girl (~> 2.3.0)
      railties (>= 3.0.0)
    ffi (1.0.11)
    gherkin (2.7.1)
      json (>= 1.4.6)
    guard (0.8.8)
      thor (~> 0.14.6)
    guard-rspec (0.5.9)
      guard (>= 0.8.4)
    haml (3.1.3)
    haml-rails (0.3.4)
      actionpack (~> 3.0)
      activesupport (~> 3.0)
      haml (~> 3.0)
      railties (~> 3.0)
    hike (1.2.1)
    hooks (0.2.0)
    i18n (0.6.0)
    jquery-rails (1.0.17)
      railties (~> 3.0)
      thor (~> 0.14)
    json (1.6.3)
    json_pure (1.6.3)
    kaminari (0.12.4)
      rails (>= 3.0.0)
    launchy (2.0.5)
      addressable (~> 2.2.6)
    libnotify (0.6.0)
    libv8 (3.3.10.4)
    mail (2.3.0)
      i18n (>= 0.4.0)
      mime-types (~> 1.16)
      treetop (~> 1.4.8)
    method_source (0.6.7)
      ruby_parser (>= 2.3.1)
    mime-types (1.17.2)
    minitest (2.8.1)
    multi_json (1.0.4)
    nokogiri (1.5.0)
    onfire (0.2.0)
    pg (0.11.0)
    pickle (0.4.10)
      cucumber (>= 0.8)
      rake
    polyglot (0.3.3)
    progressbar (0.9.2)
    pry (0.9.7.4)
      coderay (~> 0.9.8)
      method_source (~> 0.6.7)
      ruby_parser (>= 2.3.1)
      slop (~> 2.1.0)
    rack (1.3.5)
    rack-cache (1.1)
      rack (>= 0.4)
    rack-mount (0.8.3)
      rack (>= 1.0.0)
    rack-ssl (1.3.2)
      rack
    rack-test (0.6.1)
      rack (>= 1.0)
    railroady (1.0.2)
    rails (3.1.3)
      actionmailer (= 3.1.3)
      actionpack (= 3.1.3)
      activerecord (= 3.1.3)
      activeresource (= 3.1.3)
      activesupport (= 3.1.3)
      bundler (~> 1.0)
      railties (= 3.1.3)
    rails-erd (0.4.5)
      activerecord (~> 3.0)
      activesupport (~> 3.0)
      ruby-graphviz (~> 0.9.18)
    rails_best_practices (1.7.1)
      activesupport
      colored
      erubis
      i18n
      progressbar
      sexp_processor
    railties (3.1.3)
      actionpack (= 3.1.3)
      activesupport (= 3.1.3)
      rack-ssl (~> 1.3.2)
      rake (>= 0.8.7)
      rdoc (~> 3.4)
      thor (~> 0.14.6)
    rake (0.9.2.2)
    rb-inotify (0.8.8)
      ffi (>= 0.5.0)
    rdoc (3.12)
      json (~> 1.4)
    rspec (2.7.0)
      rspec-core (~> 2.7.0)
      rspec-expectations (~> 2.7.0)
      rspec-mocks (~> 2.7.0)
    rspec-core (2.7.1)
    rspec-expectations (2.7.0)
      diff-lcs (~> 1.1.2)
    rspec-mocks (2.7.0)
    rspec-rails (2.7.0)
      actionpack (~> 3.0)
      activesupport (~> 3.0)
      railties (~> 3.0)
      rspec (~> 2.7.0)
    ruby-graphviz (0.9.21)
    ruby_parser (2.3.1)
      sexp_processor (~> 3.0)
    rubyzip (0.9.5)
    sass (3.1.10)
    sass-rails (3.1.5)
      actionpack (~> 3.1.0)
      railties (~> 3.1.0)
      sass (~> 3.1.10)
      tilt (~> 1.3.2)
    selenium-client (1.2.18)
    selenium-webdriver (2.13.0)
      childprocess (>= 0.2.1)
      ffi (~> 1.0.9)
      json_pure
      rubyzip
    sexp_processor (3.0.9)
    simple-navigation (3.5.0)
      activesupport (>= 2.3.2)
    simple_form (1.5.2)
      actionpack (~> 3.0)
      activemodel (~> 3.0)
    simplecov (0.5.4)
      multi_json (~> 1.0.3)
      simplecov-html (~> 0.5.3)
    simplecov-html (0.5.3)
    slop (2.1.0)
    sprockets (2.0.3)
      hike (~> 1.2)
      rack (~> 1.0)
      tilt (~> 1.1, != 1.3.0)
    sqlite3 (1.3.4)
    term-ansicolor (1.0.7)
    therubyracer (0.9.9)
      libv8 (~> 3.3.10)
    thor (0.14.6)
    tilt (1.3.3)
    treetop (1.4.10)
      polyglot
      polyglot (>= 0.3.1)
    tzinfo (0.3.31)
    uglifier (1.1.0)
      execjs (>= 0.3.0)
      multi_json (>= 1.0.2)
    xpath (0.1.4)
      nokogiri (~> 1.3)

PLATFORMS
  ruby

DEPENDENCIES
  acts-as-taggable-on (~> 2.1.0)
  annotate!
  apotomo
  autotest-standalone
  best_in_place
  capybara
  client_side_validations
  cucumber
  cucumber-rails
  cucumber_scaffold
  database_cleaner
  dynamic_form
  execjs
  factory_girl_rails
  guard-rspec
  haml-rails
  jquery-rails
  kaminari
  launchy
  libnotify
  minitest
  pg
  pickle
  pry
  railroady
  rails (= 3.1.3)
  rails-erd
  rails_best_practices
  rb-inotify
  rspec-rails
  sass-rails (~> 3.1.0)
  selenium-client
  selenium-webdriver
  simple-navigation
  simple_form
  simplecov
  sqlite3
  therubyracer
  uglifier
